PATH
  remote: .
  specs:
    i18n_tools (0.1.3)
      ya2yaml

GEM
  remote: http://rubygems.org/
  specs:
    ya2yaml (0.31)

PLATFORMS
  ruby

DEPENDENCIES
  i18n_tools!
